GEM
  remote: http://rubygems.org/
  specs:
    diff-lcs (1.1.3)
    guard (0.7.0)
      thor (~> 0.14.6)
    guard-rspec (0.4.5)
      guard (>= 0.4.0)
    macaddr (1.4.0)
      systemu (~> 2.2.0)
    rspec (2.6.0)
      rspec-core (~> 2.6.0)
      rspec-expectations (~> 2.6.0)
      rspec-mocks (~> 2.6.0)
    rspec-core (2.6.4)
    rspec-expectations (2.6.0)
      diff-lcs (~> 1.1.2)
    rspec-mocks (2.6.0)
    systemu (2.2.0)
    thor (0.14.6)
    uuid (2.3.4)
      macaddr (~> 1.0)

PLATFORMS
  ruby

DEPENDENCIES
  guard
  guard-rspec
  rspec
  uuid
